GEM
  remote: https://rubygems.org/
  specs:
    fxruby (1.6.25)
    ox (1.9.4)

PLATFORMS
  ruby

DEPENDENCIES
  fxruby
  ox
