GEM
  remote: https://rubygems.org/
  specs:
    fxruby (1.6.28)
    imzml (0.1.0)
      obo (~> 0.1, >= 0.1.4)
      ox (~> 2.0)
    minitest (5.2.1)
    obo (0.1.4)
    ox (2.0.12)
    rinruby (2.0.3)

PLATFORMS
  ruby

DEPENDENCIES
  fxruby
  imzml
  minitest
  ox
  rinruby
