GEM
  remote: https://rubygems.org/
  specs:
    gnuplot (2.6.2)
    nokogiri (1.5.6)

PLATFORMS
  ruby

DEPENDENCIES
  gnuplot
  nokogiri
