GEM
  remote: https://rubygems.org/
  specs:
    fxruby (1.6.28)
    ox (2.0.12)

PLATFORMS
  ruby

DEPENDENCIES
  fxruby
  ox
